GEM
  remote: http://rubygems.org/
  specs:
    geonames (0.2.2)
    haml (3.0.25)
    icalendar (1.1.5)
    rack (1.2.1)
    sinatra (1.2.0)
      rack (~> 1.1)
      tilt (>= 1.2.2, < 2.0)
    tilt (1.2.2)

PLATFORMS
  ruby

DEPENDENCIES
  geonames
  haml
  icalendar
  sinatra
