GEM
  remote: http://rubygems.org/
  specs:
    geonames (0.2.2)
    haml (3.1.3)
    icalendar (1.1.6)
    rack (1.3.5)
    rack-protection (1.1.4)
      rack
    sinatra (1.3.1)
      rack (~> 1.3, >= 1.3.4)
      rack-protection (~> 1.1, >= 1.1.2)
      tilt (~> 1.3, >= 1.3.3)
    tilt (1.3.3)

PLATFORMS
  ruby

DEPENDENCIES
  geonames
  haml
  icalendar
  sinatra
